GEM
  remote: http://rubygems.org/
  specs:
    addressable (2.2.8)
    bson (1.8.3)
    bson_ext (1.8.3)
      bson (~> 1.8.3)
    builder (3.2.0)
    childprocess (0.3.2)
      ffi (~> 1.0.6)
    cucumber (1.3.1)
      builder (>= 2.1.2)
      diff-lcs (>= 1.1.3)
      gherkin (~> 2.12.0)
      multi_json (~> 1.3)
    diff-lcs (1.1.3)
    ffi (1.0.11)
    gherkin (2.12.0)
      multi_json (~> 1.3)
    json (1.7.7)
    libwebsocket (0.1.3)
      addressable
    mongo (1.8.3)
      bson (~> 1.8.3)
    multi_json (1.3.6)
    parallel (0.5.17)
    parallel_tests (0.8.2)
      parallel
    rspec (2.10.0)
      rspec-core (~> 2.10.0)
      rspec-expectations (~> 2.10.0)
      rspec-mocks (~> 2.10.0)
    rspec-core (2.10.1)
    rspec-expectations (2.10.0)
      diff-lcs (~> 1.1.3)
    rspec-mocks (2.10.1)
    rubyzip (0.9.8)
    selenium-webdriver (2.22.2)
      childprocess (>= 0.2.5)
      ffi (~> 1.0)
      libwebsocket (~> 0.1.3)
      multi_json (~> 1.0)
      rubyzip
    yajl-ruby (1.1.0)

PLATFORMS
  ruby

DEPENDENCIES
  bson_ext
  cucumber
  json
  mongo
  parallel_tests
  rspec
  selenium-webdriver
  yajl-ruby
